GEM
  remote: https://rubygems.org/
  specs:
    foreman (0.87.1)

PLATFORMS
  ruby

DEPENDENCIES
  foreman

BUNDLED WITH
   2.1.4
